GEM
  remote: https://rubygems.org/
  specs:
    facets (2.9.3)
    front-matter (1.2.1)
      facets (>= 2.9.0)
    terminal-table (1.4.5)

PLATFORMS
  ruby

DEPENDENCIES
  front-matter
  terminal-table
